GIT
  remote: git://github.com/cbeer/ldp.git
  revision: ba40c98199efaeb47ba55121600bc79aa5e3baf3
  ref: ba40c98
  specs:
    ldp (0.0.1)
      faraday
      linkeddata (>= 1.1)

GEM
  remote: https://rubygems.org/
  specs:
    activemodel (4.0.2)
      activesupport (= 4.0.2)
      builder (~> 3.1.0)
    activerecord (4.0.2)
      activemodel (= 4.0.2)
      activerecord-deprecated_finders (~> 1.0.2)
      activesupport (= 4.0.2)
      arel (~> 4.0.0)
    activerecord-deprecated_finders (1.0.3)
    activesupport (4.0.2)
      i18n (~> 0.6, >= 0.6.4)
      minitest (~> 4.2)
      multi_json (~> 1.3)
      thread_safe (~> 0.1)
      tzinfo (~> 0.3.37)
    arel (4.0.2)
    atomic (1.1.14)
    builder (3.1.4)
    byebug (2.5.0)
      columnize (~> 0.3.6)
      debugger-linecache (~> 1.2.0)
    columnize (0.3.6)
    debugger-linecache (1.2.0)
    diff-lcs (1.2.5)
    ebnf (0.3.5)
      rdf
      sxp
    equivalent-xml (0.4.0)
      nokogiri (>= 1.4.3)
    faraday (0.9.0)
      multipart-post (>= 1.2, < 3)
    haml (4.0.5)
      tilt
    htmlentities (4.3.1)
    i18n (0.6.9)
    json (1.8.1)
    json-ld (1.1.1)
      rdf (>= 1.0.8)
    linkeddata (1.1.1)
      equivalent-xml (>= 0.4.0)
      json-ld (>= 1.1.1)
      nokogiri (>= 1.6.1)
      rdf (>= 1.1.1)
      rdf-aggregate-repo (>= 1.1.0)
      rdf-isomorphic (>= 1.1.0)
      rdf-json (>= 1.1.0)
      rdf-microdata (>= 1.1.1)
      rdf-n3 (>= 1.1.0)
      rdf-rdfa (>= 1.1.1)
      rdf-rdfxml (>= 1.1.0)
      rdf-trig (>= 1.1.2)
      rdf-trix (>= 1.1.0)
      rdf-turtle (>= 1.1.2)
      sparql (>= 1.1.2)
      sparql-client (>= 1.1.1)
    mini_portile (0.5.2)
    minitest (4.7.5)
    multi_json (1.8.4)
    multipart-post (2.0.0)
    net-http-persistent (2.9.4)
    nokogiri (1.6.1)
      mini_portile (~> 0.5.0)
    rake (10.1.1)
    rdf (1.1.2.1)
    rdf-aggregate-repo (1.1.0)
      rdf (>= 1.1)
    rdf-isomorphic (1.1.0)
      rdf (>= 1.1)
    rdf-json (1.1.0)
      rdf (>= 1.1.0)
    rdf-microdata (1.1.1)
      htmlentities (>= 4.3.0)
      nokogiri (>= 1.6.1)
      rdf (>= 1.1.0)
      rdf-xsd (>= 1.1.0)
    rdf-n3 (1.1.0)
      rdf (>= 1.1)
    rdf-rdfa (1.1.2)
      haml (>= 4.0)
      htmlentities (>= 4.3.1)
      rdf (>= 1.1.0)
      rdf-xsd (>= 1.1)
    rdf-rdfxml (1.1.0)
      rdf (>= 1.1)
      rdf-rdfa (>= 1.1)
      rdf-xsd (>= 1.1)
    rdf-trig (1.1.2)
      ebnf (>= 0.3.5)
      rdf (>= 1.1.1.1)
      rdf-turtle (>= 1.1.2)
    rdf-trix (1.1.0)
      rdf (>= 1.1)
    rdf-turtle (1.1.2)
      ebnf (>= 0.3.5)
      rdf (>= 1.1.1.1)
    rdf-xsd (1.1.0)
      rdf (>= 1.1)
    rspec (2.14.1)
      rspec-core (~> 2.14.0)
      rspec-expectations (~> 2.14.0)
      rspec-mocks (~> 2.14.0)
    rspec-core (2.14.7)
    rspec-expectations (2.14.4)
      diff-lcs (>= 1.1.3, < 2.0)
    rspec-mocks (2.14.4)
    sparql (1.1.2.1)
      builder (>= 3.0)
      ebnf (>= 0.3.2)
      json (>= 1.7)
      rdf (>= 1.1.0)
      rdf-aggregate-repo (>= 1.1.0)
      rdf-xsd (>= 1.0.2)
      sparql-client (>= 1.1)
      sxp (>= 0.1.3)
    sparql-client (1.1.1)
      json (>= 1.8)
      net-http-persistent (>= 1.4)
      rdf (>= 1.1)
    sxp (0.1.5)
    thread_safe (0.1.3)
      atomic
    tilt (2.0.0)
    tzinfo (0.3.38)

PLATFORMS
  ruby

DEPENDENCIES
  activemodel (~> 4.0.2)
  activerecord (~> 4.0.2)
  bundler
  byebug
  ldp!
  nokogiri (~> 1.6.1)
  rake
  rdf-turtle (~> 1.1.2)
  rspec
